{
    "Modality": "PT",
    "Manufacturer": "Siemens",
    "ManufacturersModelName": "petmct2",
    "InstitutionName": "NIH Clinical Center",
    "InstitutionalDepartmentName": "PET petmct2",
    "InstitutionAddress": "10 Center Drive, Bethesda, MD 20892",
    "DeviceSerialNumber": "60005",
    "StationName": "MIAWP60005",
    "PatientPosition": "FFS",
    "SoftwareVersions": "VG62B",
    "SeriesDescription": "PET Brain MC1 Dyn TOF",
    "ProtocolName": "PET Brain MC1 Dyn TOF",
    "ImageType": [
        "ORIGINAL",
        "PRIMARY"
    ],
    "SeriesNumber": 5,
    "AcquisitionNumber": 2001,
    "ImageComments": "Frame 1 of 33^AC_CT_Brain",
    "Radiopharmaceutical": "mc1",
    "RadionuclidePositronFraction": 0.997669,
    "RadionuclideTotalDose": 714100000.0,
    "RadionuclideHalfLife": 1220.04,
    "DoseCalibrationFactor": 31047500.0,
    "Units": "Bq/mL",
    "DecayCorrection": "ADMIN",
    "AttenuationCorrectionMethod": "measured,AC_CT_Brain",
    "DecayFactor": [
        1.00971,
        1.02706,
        1.04472,
        1.06268,
        1.08094,
        1.09953,
        1.128,
        1.16711,
        1.20758,
        1.27094,
        1.3606,
        1.53302,
        1.81789,
        2.15571,
        2.55629,
        3.03132,
        3.59462,
        4.2626,
        5.05471,
        5.99401,
        7.10786,
        8.42869,
        9.99497,
        11.8523,
        14.0548,
        16.6665,
        19.7636,
        23.4363,
        27.7913,
        32.9557,
        39.0798,
        46.3419,
        54.9534
    ],
    "FrameTimesStart": [
        0,
        30,
        60,
        90,
        120,
        150,
        180,
        240,
        300,
        360,
        480,
        600,
        900,
        1200,
        1500,
        1800,
        2100,
        2400,
        2700,
        3000,
        3300,
        3600,
        3900,
        4200,
        4500,
        4800,
        5100,
        5400,
        5700,
        6000,
        6300,
        6600,
        6900
    ],
    "FrameDuration": [
        30,
        30,
        30,
        30,
        30,
        30,
        60,
        60,
        60,
        120,
        120,
        300,
        300,
        300,
        300,
        300,
        300,
        300,
        300,
        300,
        300,
        300,
        300,
        300,
        300,
        300,
        300,
        300,
        300,
        300,
        300,
        300,
        300
    ],
    "FrameReferenceTime": [
        14.9787,
        44.9787,
        74.9787,
        104.979,
        134.979,
        164.979,
        209.915,
        269.915,
        329.915,
        419.659,
        539.659,
        747.87,
        1047.87,
        1347.87,
        1647.87,
        1947.87,
        2247.87,
        2547.87,
        2847.87,
        3147.87,
        3447.87,
        3747.87,
        4047.87,
        4347.87,
        4647.87,
        4947.87,
        5247.87,
        5547.87,
        5847.87,
        6147.87,
        6447.87,
        6747.87,
        7047.87
    ],
    "SliceThickness": 2,
    "ImageOrientationPatientDICOM": [
        1,
        0,
        0,
        0,
        1,
        0
    ],
    "ConversionSoftware": [
        "dcm2niix",
        "pypet2bids"
    ],
    "ConversionSoftwareVersion": [
        "v1.0.20220720",
        "1.2.5"
    ],
    "ReconMethodName": "Point-Spread Function modelling Time Of Flight",
    "ReconMethodParameterUnits": [
        "none",
        "none"
    ],
    "ReconMethodParameterLabels": [
        "subsets",
        "iterations"
    ],
    "ReconMethodParameterValues": [
        21,
        3
    ],
    "AttenuationCorrection": "measured,AC_CT_Brain",
    "ScatterFraction": [
        0.235817
    ],
    "DecayCorrectionFactor": [
        1.1671124
    ],
    "TimeZero": "14:35:10",
    "ScanStart": 0,
    "InjectionStart": 0,
    "TracerName": "MC1",
    "TracerRadionuclide": "11C",
    "InjectedRadioactivity": 714100.0,
    "InjectedRadioactivityUnits": "kBq",
    "InjectedMass": 11.297622240553734,
    "InjectedMassUnits": "nmol",
    "SpecificRadioactivity": 1708.3240693533796,
    "SpecificRadioactivityUnits": "\u00b5Ci/nmol",
    "ModeOfAdministration": "bolus",
    "AcquisitionMode": "list mode",
    "ImageDecayCorrected": true,
    "ImageDecayCorrectionTime": 0.0,
    "ReconFilterSize": 2.0,
    "ReconFilterType": "XYZ Gauss0"
}